PATH
  remote: .
  specs:
    class_list (0.1.0)

GEM
  remote: https://rubygems.org/
  specs:
    minitest (5.23.1)
    rake (13.2.1)

PLATFORMS
  arm64-darwin-23
  ruby

DEPENDENCIES
  class_list!
  minitest (~> 5.16)
  rake (~> 13.0)

BUNDLED WITH
   2.5.13
